FRAMEWORK: NET45
NUGET
  remote: https://www.nuget.org/api/v2
    FAKE (4.41.6)
    FsCheck (2.6.2)
      FSharp.Core (>= 3.1.2.5)
    FsCheck.Xunit (2.6.2)
      FsCheck (>= 2.6.2)
      xunit.extensibility.execution (>= 2.1 < 3.0)
    FSharp.Core (4.0.0.1)
    Unquote (3.1.2)
    xunit.abstractions (2.0)
    xunit.extensibility.core (2.1)
      xunit.abstractions (2.0)
    xunit.extensibility.execution (2.1)
      xunit.extensibility.core (2.1)
    xunit.runner.console (2.1)
